GEM
  remote: https://rubygems.org/
  specs:
    activemodel (4.0.4)
      activesupport (= 4.0.4)
      builder (~> 3.1.0)
    activerecord (4.0.4)
      activemodel (= 4.0.4)
      activerecord-deprecated_finders (~> 1.0.2)
      activesupport (= 4.0.4)
      arel (~> 4.0.0)
    activerecord-deprecated_finders (1.0.3)
    activerecord-jdbc-adapter (1.3.7)
      activerecord (>= 2.2)
    activerecord-jdbcmysql-adapter (1.3.7)
      activerecord-jdbc-adapter (~> 1.3.7)
      jdbc-mysql (>= 5.1.22)
    activesupport (4.0.4)
      i18n (~> 0.6, >= 0.6.9)
      minitest (~> 4.2)
      multi_json (~> 1.3)
      thread_safe (~> 0.1)
      tzinfo (~> 0.3.37)
    ansi (1.4.3)
    arel (4.0.2)
    atomic (1.1.14)
    atomic (1.1.14-java)
    builder (3.1.4)
    contest (0.1.3)
    foreigner (1.6.1)
      activerecord (>= 3.0.0)
    i18n (0.6.9)
    jdbc-mysql (5.1.30)
    minitest (4.4.0)
    multi_json (1.8.2)
    thread_safe (0.1.3)
      atomic
    thread_safe (0.1.3-java)
      atomic
    turn (0.9.6)
      ansi
    tzinfo (0.3.38)

PLATFORMS
  java
  ruby

DEPENDENCIES
  activerecord
  activerecord-jdbcmysql-adapter
  foreigner
  jdbc-mysql
  contest
  foreigner
  mysql2
  turn
